PATH
  remote: .
  specs:
    vaultconf (0.1.0)
      curb (~> 0.8.8)
      methadone (~> 1.9.1)
      vault (~> 0.1)

GEM
  remote: https://rubygems.org/
  specs:
    aruba (0.9.0)
      childprocess (~> 0.5.6)
      contracts (~> 0.9)
      cucumber (>= 1.3.19)
      ffi (~> 1.9.10)
      rspec-expectations (>= 2.99)
      thor (~> 0.19)
    builder (3.2.2)
    childprocess (0.5.6)
      ffi (~> 1.0, >= 1.0.11)
    contracts (0.11.0)
    cucumber (2.0.2)
      builder (>= 2.1.2)
      cucumber-core (~> 1.2.0)
      diff-lcs (>= 1.1.3)
      gherkin (~> 2.12)
      multi_json (>= 1.7.5, < 2.0)
      multi_test (>= 0.1.2)
    cucumber-core (1.2.0)
      gherkin (~> 2.12.0)
    curb (0.8.8)
    diff-lcs (1.2.5)
    ffi (1.9.10)
    gherkin (2.12.2)
      multi_json (~> 1.3)
    methadone (1.9.1)
      bundler
    multi_json (1.11.2)
    multi_test (0.1.2)
    power_assert (0.2.4)
    rake (10.4.2)
    rdoc (4.2.0)
    rspec-expectations (3.3.1)
      diff-lcs (>= 1.2.0, < 2.0)
      rspec-support (~> 3.3.0)
    rspec-support (3.3.0)
    test-unit (3.1.3)
      power_assert
    thor (0.19.1)
    vault (0.1.4)

PLATFORMS
  ruby

DEPENDENCIES
  aruba
  bundler (~> 1.8)
  rake
  rdoc
  test-unit
  vaultconf!
